GEM
  remote: http://rubygems.org/
  specs:
    backports (2.7.1)
    eventmachine (1.0.0-java)
    fastercsv (1.5.5)
    haml (3.1.7)
    nokogiri (1.5.6)
    nokogiri (1.5.6-java)
    rack (1.5.1)
    rack-protection (1.3.2)
      rack
    rack-test (0.6.2)
      rack (>= 1.0)
    sinatra (1.3.4)
      rack (~> 1.4)
      rack-protection (~> 1.3)
      tilt (~> 1.3, >= 1.3.3)
    sinatra-contrib (1.3.2)
      backports (>= 2.0)
      eventmachine
      rack-protection
      rack-test
      sinatra (~> 1.3.0)
      tilt (~> 1.3)
    sinatra-reloader (1.0)
      sinatra-contrib
    tilt (1.3.3)

PLATFORMS
  java

DEPENDENCIES
  fastercsv
  haml
  nokogiri
  sinatra
  sinatra-reloader
